PATH
  remote: ../../bloc_record
  specs:
    bloc_record (0.0.0)
      activesupport
      sqlite3 (~> 1.3)

PATH
  remote: ../bloc_works
  specs:
    bloc_works (0.1.0)
      erubis (~> 2.7)

GEM
  remote: https://rubygems.org/
  specs:
    activesupport (5.1.2)
      concurrent-ruby (~> 1.0, >= 1.0.2)
      i18n (~> 0.7)
      minitest (~> 5.1)
      tzinfo (~> 1.1)
    coderay (1.1.1)
    concurrent-ruby (1.0.5)
    erubis (2.7.0)
    i18n (0.8.6)
    method_source (0.8.2)
    minitest (5.10.2)
    pg (0.21.0)
    pry (0.10.4)
      coderay (~> 1.1.0)
      method_source (~> 0.8.1)
      slop (~> 3.4)
    rack (1.6.8)
    slop (3.6.0)
    sqlite3 (1.3.13)
    thread_safe (0.3.6)
    tzinfo (1.2.3)
      thread_safe (~> 0.1)

PLATFORMS
  ruby

DEPENDENCIES
  bloc_record!
  bloc_works!
  pg
  pry (~> 0.10.3)
  rack (~> 1.6)
  sqlite3

BUNDLED WITH
   1.15.1
